GEM
  remote: http://rubygems.org/
  specs:
    activesupport (5.0.2)
      concurrent-ruby (~> 1.0, >= 1.0.2)
      i18n (~> 0.7)
      minitest (~> 5.1)
      tzinfo (~> 1.1)
    awesome_print (1.7.0)
    byebug (9.0.6)
    coderay (1.1.1)
    colored (1.2)
    concurrent-ruby (1.0.5)
    dotenv (2.2.0)
    i18n (0.8.1)
    json (2.0.4)
    method_source (0.8.2)
    minitest (5.10.1)
    mustermann (1.0.0)
    pry (0.10.4)
      coderay (~> 1.1.0)
      method_source (~> 0.8.1)
      slop (~> 3.4)
    rack (2.0.2)
    rack-protection (2.0.0)
      rack
    ruby-terminfo (0.1.1)
    sinatra (2.0.0)
      mustermann (~> 1.0)
      rack (~> 2.0)
      rack-protection (= 2.0.0)
      tilt (~> 2.0)
    slim (3.0.8)
      temple (>= 0.7.6, < 0.9)
      tilt (>= 1.3.3, < 2.1)
    slop (3.6.0)
    temple (0.8.0)
    thread_safe (0.3.6)
    tilt (2.0.7)
    tzinfo (1.2.3)
      thread_safe (~> 0.1)

PLATFORMS
  ruby

DEPENDENCIES
  activesupport
  awesome_print
  byebug
  colored
  dotenv
  json
  pry
  ruby-terminfo
  sinatra
  slim

BUNDLED WITH
   1.14.6
